PATH
  remote: .
  specs:
    ryodo (0.3.0)

GEM
  remote: https://rubygems.org/
  specs:
    coderay (1.1.0)
    coveralls (0.7.1)
      multi_json (~> 1.3)
      rest-client
      simplecov (>= 0.7)
      term-ansicolor
      thor
    diff-lcs (1.2.5)
    docile (1.1.5)
    fakeweb (1.3.0)
    method_source (0.8.2)
    mime-types (2.4.3)
    multi_json (1.10.1)
    netrc (0.8.0)
    pry (0.10.1)
      coderay (~> 1.1.0)
      method_source (~> 0.8.1)
      slop (~> 3.4)
    pry-doc (0.6.0)
      pry (~> 0.9)
      yard (~> 0.8)
    rake (10.3.2)
    rest-client (1.7.2)
      mime-types (>= 1.16, < 3.0)
      netrc (~> 0.7)
    rspec (3.1.0)
      rspec-core (~> 3.1.0)
      rspec-expectations (~> 3.1.0)
      rspec-mocks (~> 3.1.0)
    rspec-core (3.1.7)
      rspec-support (~> 3.1.0)
    rspec-expectations (3.1.2)
      diff-lcs (>= 1.2.0, < 2.0)
      rspec-support (~> 3.1.0)
    rspec-mocks (3.1.3)
      rspec-support (~> 3.1.0)
    rspec-support (3.1.2)
    simplecov (0.9.1)
      docile (~> 1.1.0)
      multi_json (~> 1.0)
      simplecov-html (~> 0.8.0)
    simplecov-html (0.8.0)
    slop (3.6.0)
    term-ansicolor (1.3.0)
      tins (~> 1.0)
    thor (0.19.1)
    tins (1.3.3)
    yard (0.8.7.5)

PLATFORMS
  ruby

DEPENDENCIES
  bundler (~> 1.5)
  coveralls (~> 0.7.1)
  fakeweb (~> 1.3.0)
  pry (~> 0.10.1)
  pry-doc (~> 0.6.0)
  rake
  rspec (~> 3.1.0)
  ryodo!
